PATH
  remote: .
  specs:
    rubyspell (0.0.0)
      optiflag

GEM
  remote: http://rubygems.org/
  specs:
    optiflag (0.7)
    rspec (1.3.0)

PLATFORMS
  ruby

DEPENDENCIES
  bundler (>= 1.0.0)
  optiflag
  rspec
  rubyspell!
